PATH
  remote: .
  specs:
    bash-visual (1.0.4)

GEM
  remote: https://rubygems.org/
  specs:

PLATFORMS
  ruby

DEPENDENCIES
  bash-visual!
